GIT
  remote: https://github.com/madlep/algebrick.git
  revision: e0ae332d38e637f93d9c185a97aee73c4dcfe318
  branch: implement_hash_and_eql
  specs:
    algebrick (0.7.3)

GEM
  remote: https://rubygems.org/
  specs:
    concurrent-ruby (1.0.2)
    diff-lcs (1.2.5)
    hamster (3.0.0)
      concurrent-ruby (~> 1.0)
    rake (11.3.0)
    rspec (3.5.0)
      rspec-core (~> 3.5.0)
      rspec-expectations (~> 3.5.0)
      rspec-mocks (~> 3.5.0)
    rspec-core (3.5.2)
      rspec-support (~> 3.5.0)
    rspec-expectations (3.5.0)
      diff-lcs (>= 1.2.0, < 2.0)
      rspec-support (~> 3.5.0)
    rspec-mocks (3.5.0)
      diff-lcs (>= 1.2.0, < 2.0)
      rspec-support (~> 3.5.0)
    rspec-support (3.5.0)

PLATFORMS
  ruby

DEPENDENCIES
  algebrick (~> 0.7.3)!
  hamster (~> 3.0.0)
  rake (~> 11.3)
  rspec (~> 3.5)

BUNDLED WITH
   1.13.6
